GEM
  remote: https://rubygems.org/
  specs:
    dbox (0.8.2)
      dropbox-sdk (>= 1.6.2)
      json (>= 1.5.3)
      multipart-post (>= 1.1.2)
      oauth (>= 0.4.5)
      sqlite3 (>= 1.3.3)
    dropbox-sdk (1.6.4)
      json
    hashie (2.1.2)
    httmultiparty (0.3.16)
      httparty (>= 0.7.3)
      mimemagic
      multipart-post
    httparty (0.13.3)
      json (~> 1.8)
      multi_xml (>= 0.5.2)
    json (1.8.1)
    m3uzi (0.5.1)
    mimemagic (0.2.1)
    multi_xml (0.5.5)
    multipart-post (2.0.0)
    oauth (0.4.7)
    ruby-mp3info (0.8.5)
    soundcloud (0.3.2)
      hashie (~> 2.0)
      httmultiparty (~> 0.3.0)
    sqlite3 (1.3.10)

PLATFORMS
  ruby

DEPENDENCIES
  dbox
  m3uzi
  ruby-mp3info
  soundcloud
